GEM
  remote: https://rubygems.org/
  specs:
    actionmailer (4.2.9)
      actionpack (= 4.2.9)
      actionview (= 4.2.9)
      activejob (= 4.2.9)
      mail (~> 2.5, >= 2.5.4)
      rails-dom-testing (~> 1.0, >= 1.0.5)
    actionpack (4.2.9)
      actionview (= 4.2.9)
      activesupport (= 4.2.9)
      rack (~> 1.6)
      rack-test (~> 0.6.2)
      rails-dom-testing (~> 1.0, >= 1.0.5)
      rails-html-sanitizer (~> 1.0, >= 1.0.2)
    actionview (4.2.9)
      activesupport (= 4.2.9)
      builder (~> 3.1)
      erubis (~> 2.7.0)
      rails-dom-testing (~> 1.0, >= 1.0.5)
      rails-html-sanitizer (~> 1.0, >= 1.0.3)
    activejob (4.2.9)
      activesupport (= 4.2.9)
      globalid (>= 0.3.0)
    activemodel (4.2.9)
      activesupport (= 4.2.9)
      builder (~> 3.1)
    activerecord (4.2.9)
      activemodel (= 4.2.9)
      activesupport (= 4.2.9)
      arel (~> 6.0)
    activesupport (4.2.9)
      i18n (~> 0.7)
      minitest (~> 5.1)
      thread_safe (~> 0.3, >= 0.3.4)
      tzinfo (~> 1.1)
    addressable (2.5.1)
      public_suffix (~> 2.0, >= 2.0.2)
    annotate (2.6.10)
      activerecord (>= 3.2, <= 4.3)
      rake (~> 10.4)
    arel (6.0.4)
    audited (4.2.2)
      rails-observers (~> 0.1.2)
    audited-activerecord (4.2.2)
      activerecord (~> 4.0)
      audited (= 4.2.2)
    autoprefixer-rails (7.1.2)
      execjs
    aws-sdk (1.67.0)
      aws-sdk-v1 (= 1.67.0)
    aws-sdk-v1 (1.67.0)
      json (~> 1.4)
      nokogiri (~> 1)
    bcrypt (3.1.11)
    better_errors (2.1.1)
      coderay (>= 1.0.0)
      erubis (>= 2.6.6)
      rack (>= 0.9.0)
    binding_of_caller (0.7.2)
      debug_inspector (>= 0.0.1)
    blankable (0.2.0)
    bootstrap-chosen-rails (0.0.4)
    bootstrap-sass (3.3.7)
      autoprefixer-rails (>= 5.2.1)
      sass (>= 3.3.4)
    breadcrumbs_on_rails (2.3.1)
    builder (3.2.3)
    bullet (5.5.1)
      activesupport (>= 3.0.0)
      uniform_notifier (~> 1.10.0)
    capistrano (3.4.1)
      i18n
      rake (>= 10.0.0)
      sshkit (~> 1.3)
    capistrano-bundler (1.2.0)
      capistrano (~> 3.1)
      sshkit (~> 1.2)
    capistrano-maintenance (1.2.0)
      capistrano (>= 3.0)
    capistrano-rails (1.3.0)
      capistrano (~> 3.1)
      capistrano-bundler (~> 1.1)
    capybara (2.14.4)
      addressable
      mime-types (>= 1.16)
      nokogiri (>= 1.3.3)
      rack (>= 1.0.0)
      rack-test (>= 0.5.4)
      xpath (~> 2.0)
    chosen-rails (1.4.1)
      coffee-rails (>= 3.2)
      compass-rails (>= 1.1.2)
      railties (>= 3.0)
      sass-rails (>= 3.2)
    chunky_png (1.3.8)
    client_side_validations (4.2.12)
      jquery-rails (>= 3.1.2, < 5.0.0)
      js_regex (~> 1.0, >= 1.0.19)
      rails (>= 4.0.0, < 4.3.0)
    client_side_validations-simple_form (3.2.4)
      client_side_validations (~> 4.2.3)
      simple_form (~> 3.2)
    climate_control (0.2.0)
    cocaine (0.5.8)
      climate_control (>= 0.0.3, < 1.0)
    code_analyzer (0.4.7)
      sexp_processor
    coderay (1.1.1)
    coffee-rails (4.1.1)
      coffee-script (>= 2.2.0)
      railties (>= 4.0.0, < 5.1.x)
    coffee-script (2.4.1)
      coffee-script-source
      execjs
    coffee-script-source (1.12.2)
    colored (1.2)
    compass (1.0.3)
      chunky_png (~> 1.2)
      compass-core (~> 1.0.2)
      compass-import-once (~> 1.0.5)
      rb-fsevent (>= 0.9.3)
      rb-inotify (>= 0.9)
      sass (>= 3.3.13, < 3.5)
    compass-core (1.0.3)
      multi_json (~> 1.0)
      sass (>= 3.3.0, < 3.5)
    compass-import-once (1.0.5)
      sass (>= 3.2, < 3.5)
    compass-rails (2.0.5)
      compass (~> 1.0.0)
      sass-rails (< 5.1)
      sprockets (< 2.13)
    concurrent-ruby (1.0.5)
    connection_pool (2.2.1)
    debug_inspector (0.0.3)
    devise (3.4.1)
      bcrypt (~> 3.0)
      orm_adapter (~> 0.1)
      railties (>= 3.2.6, < 5)
      responders
      thread_safe (~> 0.1)
      warden (~> 1.2.3)
    devise-async (0.10.2)
      devise (>= 3.2, < 4.0)
    devise-i18n (0.9.2)
    diff-lcs (1.3)
    dotenv (2.2.1)
    dotenv-rails (2.2.1)
      dotenv (= 2.2.1)
      railties (>= 3.2, < 5.2)
    enum_help (0.0.17)
      activesupport (>= 3.0.0)
    erubis (2.7.0)
    et-orbi (1.0.5)
      tzinfo
    exception_notification (4.1.4)
      actionmailer (~> 4.0)
      activesupport (~> 4.0)
    execjs (2.7.0)
    ffi (1.9.18)
    globalid (0.4.0)
      activesupport (>= 4.2.0)
    haml (4.0.7)
      tilt
    haml-rails (0.9.0)
      actionpack (>= 4.0.1)
      activesupport (>= 4.0.1)
      haml (>= 4.0.6, < 5.0)
      html2haml (>= 1.0.1)
      railties (>= 4.0.1)
    hierapolis-rails (1.1.3)
      blankable (~> 0.2, >= 0.2.0)
      bootstrap-sass (~> 3.3)
      breadcrumbs_on_rails (~> 2.3, >= 2.3.0)
      compass-rails (~> 2.0)
      haml (~> 4.0)
      haml-rails (= 0.9)
      ransack (~> 1.2, >= 1.2.3)
      responder (~> 0.2, >= 0.2.4)
      show_for (~> 0.3, >= 0.3.0)
      will_paginate (~> 3.0, >= 3.0.3)
      will_paginate-bootstrap (~> 0.2, >= 0.2.3)
    hike (1.2.3)
    html2haml (2.2.0)
      erubis (~> 2.7.0)
      haml (>= 4.0, < 6)
      nokogiri (>= 1.6.0)
      ruby_parser (~> 3.5)
    i18n (0.8.4)
    jbuilder (2.7.0)
      activesupport (>= 4.2.0)
      multi_json (>= 1.2)
    jquery-rails (4.0.5)
      rails-dom-testing (~> 1.0)
      railties (>= 4.2.0)
      thor (>= 0.14, < 2.0)
    js_regex (1.2.3)
      regexp_parser (>= 0.3.6, <= 0.5.0)
    json (1.8.6)
    kangal (1.2.3)
      activemodel
      mail
    katip (1.5.1)
    launchy (2.4.3)
      addressable (~> 2.3)
    letter_opener (1.4.1)
      launchy (~> 2.2)
    link_to_active_state (1.0.8)
    loofah (2.0.3)
      nokogiri (>= 1.5.9)
    mail (2.6.6)
      mime-types (>= 1.16, < 4)
    mime-types (3.1)
      mime-types-data (~> 3.2015)
    mime-types-data (3.2016.0521)
    mimemagic (0.3.0)
    mini_portile2 (2.2.0)
    minitest (5.10.2)
    model_to_locale (0.1.0)
    multi_json (1.12.1)
    net-scp (1.2.1)
      net-ssh (>= 2.6.5)
    net-ssh (4.1.0)
    nokogiri (1.8.0)
      mini_portile2 (~> 2.2.0)
    orm_adapter (0.5.0)
    paperclip (4.3.7)
      activemodel (>= 3.2.0)
      activesupport (>= 3.2.0)
      cocaine (~> 0.5.5)
      mime-types
      mimemagic (= 0.3.0)
    pg (0.18.4)
    phony (2.15.46)
    phony_rails (0.12.13)
      activesupport (>= 3.0)
      phony (~> 2.12)
    polyamorous (1.2.0)
      activerecord (>= 3.0)
    public_suffix (2.0.5)
    puma (3.4.0)
    quiet_assets (1.1.0)
      railties (>= 3.1, < 5.0)
    rack (1.6.8)
    rack-protection (1.5.3)
      rack
    rack-test (0.6.3)
      rack (>= 1.0)
    rails (4.2.9)
      actionmailer (= 4.2.9)
      actionpack (= 4.2.9)
      actionview (= 4.2.9)
      activejob (= 4.2.9)
      activemodel (= 4.2.9)
      activerecord (= 4.2.9)
      activesupport (= 4.2.9)
      bundler (>= 1.3.0, < 2.0)
      railties (= 4.2.9)
      sprockets-rails
    rails-deprecated_sanitizer (1.0.3)
      activesupport (>= 4.2.0.alpha)
    rails-dom-testing (1.0.8)
      activesupport (>= 4.2.0.beta, < 5.0)
      nokogiri (~> 1.6)
      rails-deprecated_sanitizer (>= 1.0.1)
    rails-html-sanitizer (1.0.3)
      loofah (~> 2.0)
    rails-i18n (4.0.9)
      i18n (~> 0.7)
      railties (~> 4.0)
    rails-observers (0.1.4)
      activemodel (>= 4.0)
    rails_12factor (0.0.3)
      rails_serve_static_assets
      rails_stdout_logging
    rails_best_practices (1.15.7)
      activesupport
      code_analyzer (>= 0.4.3)
      colored
      erubis
      i18n
      json
      require_all
      ruby-progressbar
    rails_config (0.4.2)
      activesupport (>= 3.0)
    rails_serve_static_assets (0.0.5)
    rails_stdout_logging (0.0.5)
    railties (4.2.9)
      actionpack (= 4.2.9)
      activesupport (= 4.2.9)
      rake (>= 0.8.7)
      thor (>= 0.18.1, < 2.0)
    rake (10.5.0)
    ransack (1.6.6)
      actionpack (>= 3.0)
      activerecord (>= 3.0)
      activesupport (>= 3.0)
      i18n
      polyamorous (~> 1.2)
    rb-fsevent (0.10.2)
    rb-inotify (0.9.10)
      ffi (>= 0.5.0, < 2)
    rdoc (4.3.0)
    recipes_matic (1.3.0)
    recipient_interceptor (0.1.2)
      mail
    redis (3.3.3)
    redis-namespace (1.5.3)
      redis (~> 3.0, >= 3.0.4)
    regexp_parser (0.4.3)
    require_all (1.4.0)
    responder (0.2.4)
      compass (>= 0.12.2)
      rake
      sass (>= 3.2.0)
    responders (2.1.2)
      railties (>= 4.2.0, < 5.1)
    rollbar (2.7.1)
      multi_json
    rspec-core (3.6.0)
      rspec-support (~> 3.6.0)
    rspec-expectations (3.6.0)
      diff-lcs (>= 1.2.0, < 2.0)
      rspec-support (~> 3.6.0)
    rspec-mocks (3.6.0)
      diff-lcs (>= 1.2.0, < 2.0)
      rspec-support (~> 3.6.0)
    rspec-rails (3.6.0)
      actionpack (>= 3.0)
      activesupport (>= 3.0)
      railties (>= 3.0)
      rspec-core (~> 3.6.0)
      rspec-expectations (~> 3.6.0)
      rspec-mocks (~> 3.6.0)
      rspec-support (~> 3.6.0)
    rspec-support (3.6.0)
    ruby-ole (1.2.12.1)
    ruby-progressbar (1.8.1)
    ruby_parser (3.9.0)
      sexp_processor (~> 4.1)
    rufus-scheduler (3.4.2)
      et-orbi (~> 1.0)
    sass (3.4.24)
    sass-rails (5.0.6)
      railties (>= 4.0.0, < 6)
      sass (~> 3.1)
      sprockets (>= 2.8, < 4.0)
      sprockets-rails (>= 2.0, < 4.0)
      tilt (>= 1.1, < 3)
    sdoc (0.4.2)
      json (~> 1.7, >= 1.7.7)
      rdoc (~> 4.0)
    sexp_processor (4.9.0)
    show_for (0.4.0)
      actionpack (>= 3.2, < 5)
      activemodel (>= 3.2, < 5)
    sidekiq (4.2.10)
      concurrent-ruby (~> 1.0)
      connection_pool (~> 2.2, >= 2.2.0)
      rack-protection (>= 1.5.0)
      redis (~> 3.2, >= 3.2.1)
    sidekiq-cron (0.4.5)
      redis-namespace (>= 1.5.2)
      rufus-scheduler (>= 2.0.24)
      sidekiq (>= 4.2.1)
    simple_form (3.2.1)
      actionpack (> 4, < 5.1)
      activemodel (> 4, < 5.1)
    sinatra (1.4.8)
      rack (~> 1.5)
      rack-protection (~> 1.4)
      tilt (>= 1.3, < 3)
    spreadsheet (1.1.4)
      ruby-ole (>= 1.0)
    sprockets (2.12.4)
      hike (~> 1.2)
      multi_json (~> 1.0)
      rack (~> 1.0)
      tilt (~> 1.1, != 1.3.0)
    sprockets-rails (2.3.3)
      actionpack (>= 3.0)
      activesupport (>= 3.0)
      sprockets (>= 2.8, < 4.0)
    sshkit (1.14.0)
      net-scp (>= 1.1.2)
      net-ssh (>= 2.8.0)
    sshkit-sudo (0.1.0)
      sshkit (~> 1.8)
    thor (0.19.4)
    thread_safe (0.3.6)
    tilt (1.4.1)
    to_xls (1.5.3)
      spreadsheet
    turbolinks (2.5.3)
      coffee-rails
    tzinfo (1.2.3)
      thread_safe (~> 0.1)
    uglifier (2.7.2)
      execjs (>= 0.3.0)
      json (>= 1.8.0)
    uniform_notifier (1.10.0)
    warden (1.2.7)
      rack (>= 1.0)
    will-paginate-i18n (0.1.15)
    will_paginate (3.0.12)
    will_paginate-bootstrap (0.2.5)
      will_paginate (>= 3.0.3)
    xpath (2.1.0)
      nokogiri (~> 1.3)

PLATFORMS
  ruby

DEPENDENCIES
  annotate (~> 2.6.0)
  audited-activerecord (~> 4.2)
  aws-sdk (~> 1.6)
  better_errors
  binding_of_caller
  blankable (~> 0.2.0)
  bootstrap-chosen-rails (= 0.0.4)
  bootstrap-sass (~> 3.3.4)
  breadcrumbs_on_rails (~> 2.3.1)
  bullet
  capistrano (~> 3.4.0)
  capistrano-bundler (~> 1.1)
  capistrano-maintenance (~> 1.0)
  capistrano-rails (~> 1.1)
  capybara
  chosen-rails (= 1.4.1)
  client_side_validations (~> 4.2, >= 4.2.1)
  client_side_validations-simple_form (~> 3.2, >= 3.2.1)
  cocaine (~> 0.5.8)
  coffee-rails (~> 4.1.0)
  compass-rails (~> 2.0.5)
  devise (~> 3.4.1)
  devise-async (~> 0.10.1)
  devise-i18n (~> 0.9.0)
  dotenv-rails
  enum_help (~> 0.0.14)
  exception_notification (~> 4.1.1)
  haml (~> 4.0.2)
  haml-rails (= 0.9.0)
  hierapolis-rails (~> 1.1.3)
  jbuilder (~> 2.4)
  jquery-rails (~> 4.0.4)
  kangal (~> 1.2.3)
  katip
  letter_opener
  link_to_active_state
  model_to_locale
  paperclip (~> 4.3.0)
  pg (~> 0.18.4)
  phony_rails (~> 0.12.11)
  polyamorous (~> 1.2.0)
  puma (~> 3.4.0)
  quiet_assets
  rails (~> 4.2.6)
  rails-i18n (~> 4.0.4)
  rails_12factor
  rails_best_practices (~> 1.15.1)
  rails_config (~> 0.4.2)
  ransack (~> 1.6.6)
  recipes_matic (~> 1.3.0)
  recipient_interceptor (~> 0.1.2)
  responders (~> 2.1.0)
  rollbar (~> 2.7.1)
  rspec-rails
  sass-rails (~> 5.0.3)
  sdoc
  show_for (~> 0.4.0)
  sidekiq (~> 4.1)
  sidekiq-cron (~> 0.4.2)
  simple_form (~> 3.2.0)
  sinatra
  sshkit-sudo
  to_xls (~> 1.5, >= 1.5.3)
  turbolinks (~> 2.5.3)
  uglifier (~> 2.7.1)
  will-paginate-i18n (~> 0.1.13)
  will_paginate (~> 3.0.4)
  will_paginate-bootstrap (~> 0.2.3)

BUNDLED WITH
   1.15.1
